GIT
  remote: git@github.com:sixtyfive/kramdown.git
  revision: 39619b374012cac4c60c7cf5ee7e76f2fb645812
  branch: asciitable
  specs:
    kramdown (1.12.0)

GEM
  remote: https://rubygems.org/
  specs:
    ast (2.3.0)
    awesome_print (1.7.0)
    bibtex-ruby (4.4.3)
      latex-decode (~> 0.0)
    bourbon (4.2.7)
      sass (~> 3.4)
      thor (~> 0.19)
    citeproc (1.0.5)
      namae (~> 0.8)
    citeproc-ruby (1.1.6)
      citeproc (>= 1.0.4, < 2.0)
      csl (~> 1.4)
    cmdparse (3.0.3)
    coderay (1.1.1)
    concurrent-ruby (1.0.4)
    crass (1.0.2)
    csl (1.4.5)
      namae (~> 0.7)
    daemons (1.2.4)
    docx_converter (1.0.0)
      kramdown
      nokogiri
      rmagick
      ruby-filemagic
      rubyzip
    erubis (2.7.0)
    eventmachine (1.2.2)
    eventmachine (1.2.2-x64-mingw32)
    execjs (2.7.0)
    ffi (1.9.17)
    ffi (1.9.17-x64-mingw32)
    formatador (0.2.5)
    git-version-bump (0.15.1)
    guard (2.14.1)
      formatador (>= 0.2.4)
      listen (>= 2.7, < 4.0)
      lumberjack (~> 1.0)
      nenv (~> 0.1)
      notiffany (~> 0.0)
      pry (>= 0.9.12)
      shellany (~> 0.0)
      thor (>= 0.18.1)
    haml (4.0.7)
      tilt
    html2haml (2.1.0)
      erubis (~> 2.7.0)
      haml (~> 4.0)
      nokogiri (>= 1.6.0)
      ruby_parser (~> 3.5)
    i18n (0.8.0)
    latex-decode (0.2.2)
      unicode (~> 0.4)
    libv8 (3.11.8.17)
    listen (3.1.5)
      rb-fsevent (~> 0.9, >= 0.9.4)
      rb-inotify (~> 0.9, >= 0.9.7)
      ruby_dep (~> 1.2)
    lumberjack (1.0.11)
    method_source (0.8.2)
    mini_portile2 (2.1.0)
    minitest (5.10.1)
    namae (0.11.3)
    neat (1.8.0)
      sass (>= 3.3)
      thor (~> 0.19)
    nenv (0.3.0)
    nokogiri (1.6.8.1)
      mini_portile2 (~> 2.1.0)
    nokogiri (1.6.8.1-x64-mingw32)
      mini_portile2 (~> 2.1.0)
    nokogumbo (1.4.10)
      nokogiri
    normalize-scss (6.0.0)
      sass (~> 3.3)
    notiffany (0.1.1)
      nenv (~> 0.1)
      shellany (~> 0.0)
    pandoc-ruby (2.0.1)
    parser (2.3.3.1)
      ast (~> 2.2)
    powerpack (0.1.1)
    pry (0.10.4)
      coderay (~> 1.1.0)
      method_source (~> 0.8.1)
      slop (~> 3.4)
    publishr (0.9.5)
      bibtex-ruby
      citeproc-ruby
      kramdown
      nokogiri
      sanitize
      therubyracer (= 0.11.4)
      unicode_utils
      webgen (= 0.5.17)
    rack (1.6.5)
    rack-contrib (1.4.0)
      git-version-bump (~> 0.15)
      rack (~> 1.4)
    rack-protection (1.5.3)
      rack
    rainbow (2.2.1)
    rb-fsevent (0.9.8)
    rb-inotify (0.9.8)
      ffi (>= 0.5.0)
    ref (2.0.0)
    rerun (0.11.0)
      listen (~> 3.0)
    rmagick (2.16.0)
    rubocop (0.47.1)
      parser (>= 2.3.3.1, < 3.0)
      powerpack (~> 0.1)
      rainbow (>= 1.99.1, < 3.0)
      ruby-progressbar (~> 1.7)
      unicode-display_width (~> 1.0, >= 1.0.1)
    ruby-filemagic (0.7.1)
    ruby-progressbar (1.8.1)
    ruby_dep (1.5.0)
    ruby_parser (3.8.4)
      sexp_processor (~> 4.1)
    rubyzip (0.9.9)
    sanitize (4.4.0)
      crass (~> 1.0.2)
      nokogiri (>= 1.4.4)
      nokogumbo (~> 1.4.1)
    sass (3.4.23)
    sexp_processor (4.8.0)
    shellany (0.0.1)
    sinatra (1.4.8)
      rack (~> 1.5)
      rack-protection (~> 1.4)
      tilt (>= 1.3, < 3)
    slop (3.6.0)
    sprockets (3.7.1)
      concurrent-ruby (~> 1.0)
      rack (> 1, < 3)
    therubyracer (0.11.4)
      libv8 (~> 3.11.8.12)
      ref
    thin (1.7.0)
      daemons (~> 1.0, >= 1.0.9)
      eventmachine (~> 1.0, >= 1.0.4)
      rack (>= 1, < 3)
    thor (0.19.4)
    tilt (2.0.6)
    uglifier (3.0.4)
      execjs (>= 0.3.0, < 3)
    unicode (0.4.4.2)
    unicode-display_width (1.1.3)
    unicode_utils (1.4.0)
    webgen (0.5.17)
      cmdparse (>= 2.0.2)
      kramdown (>= 0.12.0)

PLATFORMS
  ruby
  x64-mingw32

DEPENDENCIES
  awesome_print
  bourbon
  docx_converter
  guard
  haml
  html2haml
  i18n
  kramdown!
  minitest
  neat
  nokogiri (= 1.6.8.1)
  normalize-scss
  pandoc-ruby
  pry
  publishr
  rack-contrib
  rerun
  rubocop
  rubyzip (< 1.0.0)
  sanitize
  sass (>= 3.3.0)
  sinatra
  sprockets
  thin
  uglifier

BUNDLED WITH
   1.13.6
