GIT
  remote: git@github.com:sixtyfive/kramdown.git
  revision: 39619b374012cac4c60c7cf5ee7e76f2fb645812
  branch: asciitable
  specs:
    kramdown (1.12.0)

GEM
  remote: https://rubygems.org/
  specs:
    actionpack (5.1.1)
      actionview (= 5.1.1)
      activesupport (= 5.1.1)
      rack (~> 2.0)
      rack-test (~> 0.6.3)
      rails-dom-testing (~> 2.0)
      rails-html-sanitizer (~> 1.0, >= 1.0.2)
    actionview (5.1.1)
      activesupport (= 5.1.1)
      builder (~> 3.1)
      erubi (~> 1.4)
      rails-dom-testing (~> 2.0)
      rails-html-sanitizer (~> 1.0, >= 1.0.3)
    activemodel (5.1.1)
      activesupport (= 5.1.1)
    activerecord (5.1.1)
      activemodel (= 5.1.1)
      activesupport (= 5.1.1)
      arel (~> 8.0)
    activesupport (5.1.1)
      concurrent-ruby (~> 1.0, >= 1.0.2)
      i18n (~> 0.7)
      minitest (~> 5.1)
      tzinfo (~> 1.1)
    arel (8.0.0)
    ast (2.3.0)
    awesome_print (1.7.0)
    bcrypt (3.1.11)
    bcrypt-ruby (3.1.5)
      bcrypt (>= 3.1.3)
    bibtex-ruby (4.4.3)
      latex-decode (~> 0.0)
    bond (0.5.1)
    bourbon (4.3.4)
      sass (~> 3.4)
      thor (~> 0.19)
    builder (3.2.3)
    cells (4.1.7)
      declarative-builder (< 0.2.0)
      declarative-option (< 0.2.0)
      tilt (>= 1.4, < 3)
      uber (< 0.2.0)
    cells-haml (0.0.10)
      cells (>= 4.0.1, <= 6.0.0)
      haml (>= 4.1.0.beta.1)
    citeproc (1.0.5)
      namae (~> 0.8)
    citeproc-ruby (1.1.6)
      citeproc (>= 1.0.4, < 2.0)
      csl (~> 1.4)
    cmdparse (3.0.3)
    coderay (1.1.1)
    concurrent-ruby (1.0.5)
    crass (1.0.2)
    csl (1.4.5)
      namae (~> 0.7)
    daemons (1.2.4)
    declarative-builder (0.1.0)
      declarative-option (< 0.2.0)
    declarative-option (0.1.0)
    erubi (1.6.0)
    erubis (2.7.0)
    eventmachine (1.2.3)
    execjs (2.7.0)
    ffi (1.9.18)
    formatador (0.2.5)
    guard (2.14.1)
      formatador (>= 0.2.4)
      listen (>= 2.7, < 4.0)
      lumberjack (~> 1.0)
      nenv (~> 0.1)
      notiffany (~> 0.0)
      pry (>= 0.9.12)
      shellany (~> 0.0)
      thor (>= 0.18.1)
    haml (5.0.1)
      temple (>= 0.8.0)
      tilt
    hamlit (2.8.1)
      temple (>= 0.8.0)
      thor
      tilt
    html2haml (2.2.0)
      erubis (~> 2.7.0)
      haml (>= 4.0, < 6)
      nokogiri (>= 1.6.0)
      ruby_parser (~> 3.5)
    i18n (0.8.4)
    latex-decode (0.2.2)
      unicode (~> 0.4)
    libv8 (3.11.8.17)
    listen (3.1.5)
      rb-fsevent (~> 0.9, >= 0.9.4)
      rb-inotify (~> 0.9, >= 0.9.7)
      ruby_dep (~> 1.2)
    loofah (2.0.3)
      nokogiri (>= 1.5.9)
    lumberjack (1.0.12)
    method_source (0.8.2)
    mini_portile2 (2.1.0)
    minitest (5.10.2)
    mustermann (1.0.0)
    namae (0.11.3)
    neat (2.0.0)
      sass (~> 3.4)
      thor (~> 0.19)
    nenv (0.3.0)
    nokogiri (1.7.2)
      mini_portile2 (~> 2.1.0)
    nokogumbo (1.4.12)
      nokogiri
    normalize-scss (7.0.0)
      sass (~> 3.3)
    notiffany (0.1.1)
      nenv (~> 0.1)
      shellany (~> 0.0)
    pandoc-ruby (2.0.1)
    parallel (1.11.2)
    parser (2.4.0.0)
      ast (~> 2.2)
    powerpack (0.1.1)
    pry (0.10.4)
      coderay (~> 1.1.0)
      method_source (~> 0.8.1)
      slop (~> 3.4)
    publishr (0.9.5)
      bibtex-ruby
      citeproc-ruby
      kramdown
      nokogiri
      sanitize
      therubyracer (= 0.11.4)
      unicode_utils
      webgen (= 0.5.17)
    rack (2.0.3)
    rack-contrib (1.2.0)
      rack (>= 0.9.1)
    rack-protection (2.0.0)
      rack
    rack-test (0.6.3)
      rack (>= 1.0)
    rails-dom-testing (2.0.3)
      activesupport (>= 4.2.0)
      nokogiri (>= 1.6)
    rails-html-sanitizer (1.0.3)
      loofah (~> 2.0)
    rainbow (2.2.2)
      rake
    rake (12.0.0)
    rb-fsevent (0.9.8)
    rb-inotify (0.9.8)
      ffi (>= 0.5.0)
    ref (2.0.0)
    rerun (0.11.0)
      listen (~> 3.0)
    ripl (0.7.1)
      bond (~> 0.5.1)
    ripl-multi_line (0.3.1)
      ripl (>= 0.3.6)
    ripl-rack (0.2.1)
      rack (>= 1.0)
      rack-test (~> 0.6.2)
      ripl (>= 0.7.0)
    rubocop (0.49.1)
      parallel (~> 1.10)
      parser (>= 2.3.3.1, < 3.0)
      powerpack (~> 0.1)
      rainbow (>= 1.99.1, < 3.0)
      ruby-progressbar (~> 1.7)
      unicode-display_width (~> 1.0, >= 1.0.1)
    ruby-progressbar (1.8.1)
    ruby_dep (1.5.0)
    ruby_parser (3.9.0)
      sexp_processor (~> 4.1)
    sanitize (4.4.0)
      crass (~> 1.0.2)
      nokogiri (>= 1.4.4)
      nokogumbo (~> 1.4.1)
    sass (3.4.24)
    sexp_processor (4.9.0)
    shellany (0.0.1)
    simple_form (3.5.0)
      actionpack (> 4, < 5.2)
      activemodel (> 4, < 5.2)
    sinatra (2.0.0)
      mustermann (~> 1.0)
      rack (~> 2.0)
      rack-protection (= 2.0.0)
      tilt (~> 2.0)
    sinatra-activerecord (2.0.13)
      activerecord (>= 3.2)
      sinatra (>= 1.0)
    sinatra-flash (0.3.0)
      sinatra (>= 1.0.0)
    sinatra-strong-params (0.0.3)
      sinatra (>= 1.4.0)
    slop (3.6.0)
    sprockets (3.7.1)
      concurrent-ruby (~> 1.0)
      rack (> 1, < 3)
    sqlite3 (1.3.13)
    temple (0.8.0)
    therubyracer (0.11.4)
      libv8 (~> 3.11.8.12)
      ref
    thin (1.7.0)
      daemons (~> 1.0, >= 1.0.9)
      eventmachine (~> 1.0, >= 1.0.4)
      rack (>= 1, < 3)
    thor (0.19.4)
    thread_safe (0.3.6)
    tilt (2.0.7)
    tux (0.3.0)
      ripl (>= 0.3.5)
      ripl-multi_line (>= 0.2.4)
      ripl-rack (>= 0.2.0)
      sinatra (>= 1.2.1)
    tzinfo (1.2.3)
      thread_safe (~> 0.1)
    uber (0.1.0)
    uglifier (3.2.0)
      execjs (>= 0.3.0, < 3)
    unicode (0.4.4.4)
    unicode-display_width (1.2.1)
    unicode_utils (1.4.0)
    webgen (0.5.17)
      cmdparse (>= 2.0.2)
      kramdown (>= 0.12.0)

PLATFORMS
  ruby

DEPENDENCIES
  awesome_print
  bcrypt
  bcrypt-ruby
  bourbon
  cells
  cells-haml
  guard
  hamlit
  html2haml
  i18n
  kramdown!
  minitest
  neat
  nokogiri
  normalize-scss
  pandoc-ruby
  pry
  publishr
  rack-contrib
  rake
  rerun
  rubocop
  sanitize
  sass
  simple_form
  sinatra
  sinatra-activerecord
  sinatra-flash
  sinatra-strong-params
  sprockets
  sqlite3
  thin
  tux
  uglifier

BUNDLED WITH
   1.14.6
