GIT
  remote: git@github.com:sixtyfive/kramdown.git
  revision: 39619b374012cac4c60c7cf5ee7e76f2fb645812
  branch: asciitable
  specs:
    kramdown (1.12.0)

GEM
  remote: https://rubygems.org/
  specs:
    ast (2.3.0)
    awesome_print (1.7.0)
    coderay (1.1.1)
    crass (1.0.2)
    method_source (0.8.2)
    mini_portile2 (2.1.0)
    minitest (5.9.1)
    nokogiri (1.6.8.1)
      mini_portile2 (~> 2.1.0)
    nokogiri (1.6.8.1-x64-mingw32)
      mini_portile2 (~> 2.1.0)
    nokogumbo (1.4.10)
      nokogiri
    pandoc-ruby (2.0.1)
    parser (2.3.2.0)
      ast (~> 2.2)
    powerpack (0.1.1)
    pry (0.10.4)
      coderay (~> 1.1.0)
      method_source (~> 0.8.1)
      slop (~> 3.4)
    rainbow (2.1.0)
    rubocop (0.45.0)
      parser (>= 2.3.1.1, < 3.0)
      powerpack (~> 0.1)
      rainbow (>= 1.99.1, < 3.0)
      ruby-progressbar (~> 1.7)
      unicode-display_width (~> 1.0, >= 1.0.1)
    ruby-progressbar (1.8.1)
    sanitize (4.4.0)
      crass (~> 1.0.2)
      nokogiri (>= 1.4.4)
      nokogumbo (~> 1.4.1)
    slop (3.6.0)
    unicode-display_width (1.1.1)

PLATFORMS
  ruby
  x64-mingw32

DEPENDENCIES
  awesome_print
  kramdown!
  minitest
  pandoc-ruby
  pry
  rubocop
  sanitize

BUNDLED WITH
   1.13.6
