GIT
  remote: git@github.com:sixtyfive/kramdown.git
  revision: 39619b374012cac4c60c7cf5ee7e76f2fb645812
  branch: asciitable
  specs:
    kramdown (1.12.0)

GEM
  remote: https://rubygems.org/
  specs:
    ast (2.3.0)
    awesome_print (1.7.0)
    bourbon (4.2.7)
      sass (~> 3.4)
      thor (~> 0.19)
    coderay (1.1.1)
    crass (1.0.2)
    daemons (1.2.4)
    erubis (2.7.0)
    eventmachine (1.2.1)
    eventmachine (1.2.1-x64-mingw32)
    ffi (1.9.17)
    ffi (1.9.17-x64-mingw32)
    git-version-bump (0.15.1)
    haml (4.0.7)
      tilt
    html2haml (2.0.0)
      erubis (~> 2.7.0)
      haml (~> 4.0.0)
      nokogiri (~> 1.6.0)
      ruby_parser (~> 3.5)
    i18n (0.7.0)
    listen (3.1.5)
      rb-fsevent (~> 0.9, >= 0.9.4)
      rb-inotify (~> 0.9, >= 0.9.7)
      ruby_dep (~> 1.2)
    method_source (0.8.2)
    mini_portile2 (2.1.0)
    minitest (5.10.1)
    neat (1.8.0)
      sass (>= 3.3)
      thor (~> 0.19)
    nokogiri (1.6.8.1)
      mini_portile2 (~> 2.1.0)
    nokogiri (1.6.8.1-x64-mingw32)
      mini_portile2 (~> 2.1.0)
    nokogumbo (1.4.10)
      nokogiri
    normalize-scss (6.0.0)
      sass (~> 3.3)
    pandoc-ruby (2.0.1)
    parser (2.3.3.1)
      ast (~> 2.2)
    powerpack (0.1.1)
    pry (0.10.4)
      coderay (~> 1.1.0)
      method_source (~> 0.8.1)
      slop (~> 3.4)
    rack (1.6.5)
    rack-contrib (1.4.0)
      git-version-bump (~> 0.15)
      rack (~> 1.4)
    rack-protection (1.5.3)
      rack
    rainbow (2.2.1)
    rb-fsevent (0.9.8)
    rb-inotify (0.9.7)
      ffi (>= 0.5.0)
    rerun (0.11.0)
      listen (~> 3.0)
    rubocop (0.47.1)
      parser (>= 2.3.3.1, < 3.0)
      powerpack (~> 0.1)
      rainbow (>= 1.99.1, < 3.0)
      ruby-progressbar (~> 1.7)
      unicode-display_width (~> 1.0, >= 1.0.1)
    ruby-progressbar (1.8.1)
    ruby_dep (1.5.0)
    ruby_parser (3.8.4)
      sexp_processor (~> 4.1)
    sanitize (4.4.0)
      crass (~> 1.0.2)
      nokogiri (>= 1.4.4)
      nokogumbo (~> 1.4.1)
    sass (3.4.23)
    sexp_processor (4.7.0)
    sinatra (1.4.7)
      rack (~> 1.5)
      rack-protection (~> 1.4)
      tilt (>= 1.3, < 3)
    slop (3.6.0)
    thin (1.7.0)
      daemons (~> 1.0, >= 1.0.9)
      eventmachine (~> 1.0, >= 1.0.4)
      rack (>= 1, < 3)
    thor (0.19.4)
    tilt (2.0.5)
    unicode-display_width (1.1.3)

PLATFORMS
  ruby
  x64-mingw32

DEPENDENCIES
  awesome_print
  bourbon
  haml
  html2haml
  i18n
  kramdown!
  minitest
  neat
  nokogiri (= 1.6.8.1)
  normalize-scss
  pandoc-ruby
  pry
  rack-contrib
  rerun
  rubocop
  sanitize
  sass (>= 3.3.0)
  sinatra
  thin

BUNDLED WITH
   1.13.6
